PATH
  remote: .
  specs:
    minitest_ruby_warrior (0.0.1)

GEM
  remote: https://rubygems.org/
  specs:
    minitest (5.0.6)
    rubywarrior (0.1.3)

PLATFORMS
  ruby

DEPENDENCIES
  bundler (~> 1.3)
  minitest
  minitest_ruby_warrior!
  rubywarrior (~> 0.1)
